PATH
  remote: .
  specs:
    itamae-plugin-recipe-daddy (0.1.11)
      itamae (~> 1.10, >= 1.10.2)

GEM
  remote: https://rubygems.org/
  specs:
    ansi (1.5.0)
    hashie (3.6.0)
    itamae (1.10.3)
      ansi
      hashie
      schash (~> 0.1.0)
      specinfra (>= 2.64.0, < 3.0.0)
      thor
    net-scp (2.0.0)
      net-ssh (>= 2.6.5, < 6.0.0)
    net-ssh (5.2.0)
    net-telnet (0.1.1)
    rake (12.3.2)
    schash (0.1.2)
    sfl (2.3)
    specinfra (2.77.0)
      net-scp
      net-ssh (>= 2.7)
      net-telnet (= 0.1.1)
      sfl
    thor (0.20.3)

PLATFORMS
  ruby

DEPENDENCIES
  bundler (~> 1.16)
  itamae-plugin-recipe-daddy!
  rake (~> 12.0)

BUNDLED WITH
   1.17.3
