PATH
  remote: .
  specs:
    itamae-plugin-recipe-daddy (0.1.0)

GEM
  remote: https://rubygems.org/
  specs:
    rake (12.3.1)

PLATFORMS
  ruby

DEPENDENCIES
  bundler (~> 1.16)
  itamae-plugin-recipe-daddy!
  rake (~> 12.0)

BUNDLED WITH
   1.16.3
